GEM
  remote: https://rubygems.org/
  specs:
    coderay (1.1.0)
    dragonfly (1.0.5)
      multi_json (~> 1.0)
      rack
    kgio (2.9.2)
    method_source (0.8.2)
    multi_json (1.10.1)
    pry (0.9.12.6)
      coderay (~> 1.0)
      method_source (~> 0.8)
      slop (~> 3.4)
    rack (1.5.2)
    rack-protection (1.5.3)
      rack
    raindrops (0.13.0)
    sinatra (1.4.5)
      rack (~> 1.4)
      rack-protection (~> 1.4)
      tilt (~> 1.3, >= 1.3.4)
    slop (3.5.0)
    tilt (1.4.1)
    unicorn (4.8.3)
      kgio (~> 2.6)
      rack
      raindrops (~> 0.7)

PLATFORMS
  ruby

DEPENDENCIES
  dragonfly
  pry
  sinatra
  unicorn
